PATH
  remote: .
  specs:
    tapped_out (0.0.0)

GEM
  remote: http://rubygems.org/
  specs:

PLATFORMS
  ruby

DEPENDENCIES
  tapped_out!
